GEM
  specs:
    dotenv (3.0.2)

PLATFORMS
  x86_64-linux-gnu

DEPENDENCIES
  dotenv

BUNDLED WITH
   2.4.6
